GEM
  remote: http://rubygems.org/
  specs:
    git (1.2.5)
    jeweler (1.8.3)
      bundler (~> 1.0)
      git (>= 1.2.5)
      rake
      rdoc
    json (1.6.5)
    json (1.6.5-java)
    rake (13.0.1)
    rdoc (3.12)
      json (~> 1.4)

PLATFORMS
  java
  ruby

DEPENDENCIES
  bundler (> 1.0.0)
  jeweler (> 1.6.4)
