GEM
  remote: http://rubygems.org/
  specs:
    git (1.2.5)
    jeweler (1.8.3)
      bundler (~> 1.0)
      git (>= 1.2.5)
      rake
      rdoc
    rake (0.9.2.2)
    rdoc (6.3.2)

PLATFORMS
  java
  ruby

DEPENDENCIES
  bundler (> 1.0.0)
  jeweler (> 1.6.4)
